NUGET
  remote: https://www.nuget.org/api/v2
    FSharp.Configuration (0.6.4)
